GEM
  remote: https://rubygems.org/
  specs:
    coderay (1.1.0)
    highline (1.6.21)
    method_source (0.8.2)
    mini_portile (0.5.3)
    netrc (0.7.7)
    nokogiri (1.6.1)
      mini_portile (~> 0.5.0)
    options (2.3.2)
    progress_bar (1.0.0)
      highline (~> 1.6.1)
      options (~> 2.3.0)
    pry (0.9.12.6)
      coderay (~> 1.0)
      method_source (~> 0.8)
      slop (~> 3.4)
    rest_client (1.7.3)
      netrc (~> 0.7.7)
    sequel (4.9.0)
    slop (3.5.0)
    sqlite3 (1.3.9)

PLATFORMS
  ruby

DEPENDENCIES
  nokogiri
  progress_bar
  pry
  rest_client
  sequel
  sqlite3
