GEM
  remote: https://rubygems.org/
  specs:
    activemodel (3.2.18)
      activesupport (= 3.2.18)
      builder (~> 3.0.0)
    activesupport (3.2.18)
      i18n (~> 0.6, >= 0.6.4)
      multi_json (~> 1.0)
    builder (3.0.4)
    coderay (1.1.0)
    highline (1.6.21)
    i18n (0.6.9)
    method_source (0.8.2)
    mini_portile (0.5.3)
    mongoid (3.1.6)
      activemodel (~> 3.2)
      moped (~> 1.4)
      origin (~> 1.0)
      tzinfo (~> 0.3.29)
    moped (1.5.2)
    multi_json (1.10.1)
    netrc (0.7.7)
    nokogiri (1.6.1)
      mini_portile (~> 0.5.0)
    options (2.3.2)
    origin (1.1.0)
    progress_bar (1.0.0)
      highline (~> 1.6.1)
      options (~> 2.3.0)
    pry (0.9.12.6)
      coderay (~> 1.0)
      method_source (~> 0.8)
      slop (~> 3.4)
    rest_client (1.7.3)
      netrc (~> 0.7.7)
    sequel (4.9.0)
    slop (3.5.0)
    sqlite3 (1.3.9)
    tzinfo (0.3.39)

PLATFORMS
  ruby

DEPENDENCIES
  i18n
  mongoid
  nokogiri
  progress_bar
  pry
  rest_client
  sequel
  sqlite3
