GEM
  remote: https://rubygems.org/
  specs:
    activemodel (4.0.0)
      activesupport (= 4.0.0)
      builder (~> 3.1.0)
    activerecord (4.0.0)
      activemodel (= 4.0.0)
      activerecord-deprecated_finders (~> 1.0.2)
      activesupport (= 4.0.0)
      arel (~> 4.0.0)
    activerecord-deprecated_finders (1.0.3)
    activesupport (4.0.0)
      i18n (~> 0.6, >= 0.6.4)
      minitest (~> 4.2)
      multi_json (~> 1.3)
      thread_safe (~> 0.1)
      tzinfo (~> 0.3.37)
    arel (4.0.1)
    builder (3.1.4)
    coderay (1.1.0)
    highline (1.6.21)
    i18n (0.6.9)
    method_source (0.8.2)
    mini_portile (0.5.3)
    minitest (4.7.5)
    multi_json (1.9.2)
    netrc (0.7.7)
    nokogiri (1.6.1)
      mini_portile (~> 0.5.0)
    options (2.3.2)
    progress_bar (1.0.0)
      highline (~> 1.6.1)
      options (~> 2.3.0)
    pry (0.9.12.6)
      coderay (~> 1.0)
      method_source (~> 0.8)
      slop (~> 3.4)
    rest_client (1.7.3)
      netrc (~> 0.7.7)
    slop (3.5.0)
    sqlite3 (1.3.9)
    thread_safe (0.3.3)
    tzinfo (0.3.39)

PLATFORMS
  ruby

DEPENDENCIES
  activerecord
  i18n
  nokogiri
  progress_bar
  pry
  rest_client
  sqlite3
