GEM
  remote: https://rubygems.org/
  specs:
    mini_portile (0.5.3)
    netrc (0.7.7)
    nokogiri (1.6.1)
      mini_portile (~> 0.5.0)
    rest_client (1.7.3)
      netrc (~> 0.7.7)

PLATFORMS
  ruby

DEPENDENCIES
  nokogiri
  rest_client
